PATH
  remote: .
  specs:
    audio_waveform-ruby (1.0.6)
      json (~> 2.1.0)

GEM
  remote: https://rubygems.org/
  specs:
    diff-lcs (1.3)
    docile (1.1.5)
    json (2.1.0)
    rake (13.0.1)
    redcarpet (3.4.0)
    rspec (3.7.0)
      rspec-core (~> 3.7.0)
      rspec-expectations (~> 3.7.0)
      rspec-mocks (~> 3.7.0)
    rspec-core (3.7.0)
      rspec-support (~> 3.7.0)
    rspec-expectations (3.7.0)
      diff-lcs (>= 1.2.0, < 2.0)
      rspec-support (~> 3.7.0)
    rspec-mocks (3.7.0)
      diff-lcs (>= 1.2.0, < 2.0)
      rspec-support (~> 3.7.0)
    rspec-support (3.7.0)
    simplecov (0.15.1)
      docile (~> 1.1.0)
      json (>= 1.8, < 3)
      simplecov-html (~> 0.10.0)
    simplecov-html (0.10.2)
    yard (0.9.20)

PLATFORMS
  ruby

DEPENDENCIES
  audio_waveform-ruby!
  rake (~> 13.0.1)
  redcarpet (~> 3.4.0)
  rspec (~> 3.7.0)
  simplecov (~> 0.15.1)
  yard (~> 0.9.11)

BUNDLED WITH
   1.17.3
